GEM
  remote: https://rubygems.org/
  specs:
    actionmailer (4.1.4)
      actionpack (= 4.1.4)
      actionview (= 4.1.4)
      mail (~> 2.5.4)
    actionpack (4.1.4)
      actionview (= 4.1.4)
      activesupport (= 4.1.4)
      rack (~> 1.5.2)
      rack-test (~> 0.6.2)
    actionview (4.1.4)
      activesupport (= 4.1.4)
      builder (~> 3.1)
      erubis (~> 2.7.0)
    activemodel (4.1.4)
      activesupport (= 4.1.4)
      builder (~> 3.1)
    activerecord (4.1.4)
      activemodel (= 4.1.4)
      activesupport (= 4.1.4)
      arel (~> 5.0.0)
    activesupport (4.1.4)
      i18n (~> 0.6, >= 0.6.9)
      json (~> 1.7, >= 1.7.7)
      minitest (~> 5.1)
      thread_safe (~> 0.1)
      tzinfo (~> 1.1)
    addressable (2.3.6)
    arel (5.0.1.20140414130214)
    awesome_print (1.2.0)
    bourbon (3.2.3)
      sass (~> 3.2)
      thor
    builder (3.2.2)
    byebug (3.5.1)
      columnize (~> 0.8)
      debugger-linecache (~> 1.2)
      slop (~> 3.6)
    capybara (2.4.4)
      mime-types (>= 1.16)
      nokogiri (>= 1.3.3)
      rack (>= 1.0.0)
      rack-test (>= 0.5.4)
      xpath (~> 2.0)
    chunky_png (1.3.1)
    coderay (1.1.0)
    coffee-rails (4.1.0)
      coffee-script (>= 2.2.0)
      railties (>= 4.0.0, < 5.0)
    coffee-script (2.3.0)
      coffee-script-source
      execjs
    coffee-script-source (1.8.0)
    columnize (0.8.9)
    compass (1.0.1)
      chunky_png (~> 1.2)
      compass-core (~> 1.0.1)
      compass-import-once (~> 1.0.5)
      rb-fsevent (>= 0.9.3)
      rb-inotify (>= 0.9)
      sass (>= 3.3.13, < 3.5)
    compass-core (1.0.1)
      multi_json (~> 1.0)
      sass (>= 3.3.0, < 3.5)
    compass-import-once (1.0.5)
      sass (>= 3.2, < 3.5)
    compass-rails (2.0.1)
      compass (~> 1.0.0)
    crack (0.4.2)
      safe_yaml (~> 1.0.0)
    database_cleaner (1.3.0)
    debugger-linecache (1.2.0)
    delayed_job (4.0.4)
      activesupport (>= 3.0, < 4.2)
    delayed_job_active_record (4.0.2)
      activerecord (>= 3.0, < 4.2)
      delayed_job (>= 3.0, < 4.1)
    diff-lcs (1.2.5)
    dotenv (1.0.2)
    dotenv-rails (1.0.2)
      dotenv (= 1.0.2)
    easy_translate (0.5.0)
      json
      thread
      thread_safe
    email_validator (1.4.0)
      activemodel
    erubis (2.7.0)
    execjs (2.2.2)
    factory_girl (4.5.0)
      activesupport (>= 3.0.0)
    factory_girl_rails (4.5.0)
      factory_girl (~> 4.5.0)
      railties (>= 3.0.0)
    ffi (1.9.6)
    flutie (2.0.0)
    formulaic (0.1.2)
      activesupport
      capybara
      i18n
    friendly_id (5.0.4)
      activerecord (>= 4.0.0)
    haml (4.0.5)
      tilt
    highline (1.6.21)
    hike (1.2.3)
    i18n (0.6.11)
    i18n-tasks (0.7.7)
      activesupport
      easy_translate (>= 0.5.0)
      erubis
      highline
      i18n
      slop (>= 3.5.0)
      term-ansicolor
      terminal-table
    jquery-rails (3.1.2)
      railties (>= 3.0, < 5.0)
      thor (>= 0.14, < 2.0)
    json (1.8.1)
    kgio (2.9.2)
    launchy (2.4.2)
      addressable (~> 2.3)
    mail (2.5.4)
      mime-types (~> 1.16)
      treetop (~> 1.4.8)
    method_source (0.8.2)
    mime-types (1.25.1)
    mini_portile (0.6.0)
    minitest (5.4.2)
    multi_json (1.10.1)
    neat (1.6.0)
      bourbon (>= 3.1)
      sass (>= 3.3)
    nested_form (0.3.2)
    newrelic_rpm (3.9.5.251)
    nokogiri (1.6.3.1)
      mini_portile (= 0.6.0)
    normalize-rails (3.0.1)
    pg (0.17.1)
    polyglot (0.3.5)
    pry (0.10.1)
      coderay (~> 1.1.0)
      method_source (~> 0.8.1)
      slop (~> 3.4)
    pry-rails (0.3.2)
      pry (>= 0.9.10)
    rack (1.5.2)
    rack-test (0.6.2)
      rack (>= 1.0)
    rails (4.1.4)
      actionmailer (= 4.1.4)
      actionpack (= 4.1.4)
      actionview (= 4.1.4)
      activemodel (= 4.1.4)
      activerecord (= 4.1.4)
      activesupport (= 4.1.4)
      bundler (>= 1.3.0, < 2.0)
      railties (= 4.1.4)
      sprockets-rails (~> 2.0)
    railties (4.1.4)
      actionpack (= 4.1.4)
      activesupport (= 4.1.4)
      rake (>= 0.8.7)
      thor (>= 0.18.1, < 2.0)
    raindrops (0.13.0)
    rake (10.3.2)
    randumb (0.5.0)
      activerecord (>= 3.0.0)
      activesupport (>= 3.0.0)
      rake
    rb-fsevent (0.9.4)
    rb-inotify (0.9.5)
      ffi (>= 0.5.0)
    recipient_interceptor (0.1.2)
      mail
    refills (0.0.2)
    rspec-core (3.0.4)
      rspec-support (~> 3.0.0)
    rspec-expectations (3.0.4)
      diff-lcs (>= 1.2.0, < 2.0)
      rspec-support (~> 3.0.0)
    rspec-mocks (3.0.4)
      rspec-support (~> 3.0.0)
    rspec-rails (3.0.2)
      actionpack (>= 3.0)
      activesupport (>= 3.0)
      railties (>= 3.0)
      rspec-core (~> 3.0.0)
      rspec-expectations (~> 3.0.0)
      rspec-mocks (~> 3.0.0)
      rspec-support (~> 3.0.0)
    rspec-support (3.0.4)
    ruby-ole (1.2.11.7)
    safe_yaml (1.0.4)
    sass (3.4.6)
    sass-rails (5.0.0.beta1)
      railties (>= 4.0.0, < 5.0)
      sass (~> 3.2)
      sprockets (~> 2.12)
      sprockets-rails (>= 2.0, < 4.0)
    shoulda-matchers (2.7.0)
      activesupport (>= 3.0.0)
    simple_form (3.0.2)
      actionpack (~> 4.0)
      activemodel (~> 4.0)
    slop (3.6.0)
    spreadsheet (1.0.0)
      ruby-ole (>= 1.0)
    spring (1.1.3)
    spring-commands-rspec (1.0.2)
      spring (>= 0.9.1)
    sprockets (2.12.2)
      hike (~> 1.2)
      multi_json (~> 1.0)
      rack (~> 1.0)
      tilt (~> 1.1, != 1.3.0)
    sprockets-rails (2.2.0)
      actionpack (>= 3.0)
      activesupport (>= 3.0)
      sprockets (>= 2.8, < 4.0)
    term-ansicolor (1.3.0)
      tins (~> 1.0)
    terminal-table (1.4.5)
    thor (0.19.1)
    thread (0.1.4)
    thread_safe (0.3.4)
    tilt (1.4.1)
    timecop (0.7.1)
    tins (1.3.3)
    title (0.0.5)
      i18n
      rails (>= 3.1)
    treetop (1.4.15)
      polyglot
      polyglot (>= 0.3.1)
    tzinfo (1.2.2)
      thread_safe (~> 0.1)
    uglifier (2.5.3)
      execjs (>= 0.3.0)
      json (>= 1.8.0)
    unicorn (4.8.3)
      kgio (~> 2.6)
      rack
      raindrops (~> 0.7)
    webmock (1.19.0)
      addressable (>= 2.3.6)
      crack (>= 0.3.2)
    xpath (2.0.0)
      nokogiri (~> 1.3)

PLATFORMS
  ruby

DEPENDENCIES
  awesome_print
  bourbon (~> 3.2.1)
  byebug
  coffee-rails
  compass-rails (~> 2.0.0)
  database_cleaner
  delayed_job_active_record
  dotenv-rails
  email_validator
  factory_girl_rails
  flutie
  formulaic
  friendly_id (~> 5.0.0)
  haml
  i18n-tasks
  jquery-rails
  launchy
  neat
  nested_form
  newrelic_rpm (>= 3.7.3)
  normalize-rails (~> 3.0.0)
  pg
  pry-rails
  rails (= 4.1.4)
  randumb
  recipient_interceptor
  refills
  rspec-rails (~> 3.0.0)
  sass-rails (~> 5.0.0.beta1)
  shoulda-matchers
  simple_form
  spreadsheet
  spring
  spring-commands-rspec
  timecop
  title
  uglifier
  unicorn
  webmock
